GEM
  remote: https://rubygems.org/
  specs:
    activemodel (5.2.4.5)
      activesupport (= 5.2.4.5)
    activerecord (5.2.4.5)
      activemodel (= 5.2.4.5)
      activesupport (= 5.2.4.5)
      arel (>= 9.0)
    activesupport (5.2.4.5)
      concurrent-ruby (~> 1.0, >= 1.0.2)
      i18n (>= 0.7, < 2)
      minitest (~> 5.1)
      tzinfo (~> 1.1)
    arel (9.0.0)
    concurrent-ruby (1.1.8)
    diff-lcs (1.3)
    faker (1.4.3)
      i18n (~> 0.5)
    i18n (0.9.5)
      concurrent-ruby (~> 1.0)
    minitest (5.14.4)
    mustermann (1.0.3)
    pg (1.1.4)
    pg (1.1.4-x64-mingw32)
    rack (2.0.6)
    rack-protection (2.0.5)
      rack
    rake (12.3.2)
    rspec (3.8.0)
      rspec-core (~> 3.8.0)
      rspec-expectations (~> 3.8.0)
      rspec-mocks (~> 3.8.0)
    rspec-core (3.8.0)
      rspec-support (~> 3.8.0)
    rspec-expectations (3.8.2)
      diff-lcs (>= 1.2.0, < 2.0)
      rspec-support (~> 3.8.0)
    rspec-mocks (3.8.0)
      diff-lcs (>= 1.2.0, < 2.0)
      rspec-support (~> 3.8.0)
    rspec-support (3.8.0)
    sinatra (2.0.5)
      mustermann (~> 1.0)
      rack (~> 2.0)
      rack-protection (= 2.0.5)
      tilt (~> 2.0)
    sinatra-activerecord (2.0.13)
      activerecord (>= 3.2)
      sinatra (>= 1.0)
    thread_safe (0.3.6)
    tilt (2.0.9)
    tzinfo (1.2.9)
      thread_safe (~> 0.1)

PLATFORMS
  ruby
  x64-mingw32

DEPENDENCIES
  activerecord (~> 5.2)
  faker (~> 1.4.3)
  pg (~> 1.1, >= 1.1.4)
  rake (~> 12.3, >= 12.3.2)
  rspec (~> 3.8)
  sinatra (~> 2.0, >= 2.0.5)
  sinatra-activerecord (~> 2.0, >= 2.0.13)

BUNDLED WITH
   2.0.2
